GEM
  remote: http://rubygems.org/
  specs:
    deep_merge (1.0.0)
    diff-lcs (1.2.4)
    facter (1.7.1)
    git (1.2.5)
    grit (2.5.0)
      diff-lcs (~> 1.1)
      mime-types (~> 1.15)
      posix-spawn (~> 0.3.6)
    hiera (1.2.1)
      json_pure
    i18n (0.6.4)
    jeweler (1.8.4)
      bundler (~> 1.0)
      git (>= 1.2.5)
      rake
      rdoc
    json (1.8.0)
    json_pure (1.8.0)
    log4r (1.1.10)
    mime-types (1.23)
    multi_json (1.7.6)
    posix-spawn (0.3.6)
    puppet (3.2.1)
      facter (~> 1.6)
      hiera (~> 1.0)
      rgen (~> 0.6)
    rake (10.0.4)
    rdoc (3.12.2)
      json (~> 1.4)
    rgen (0.6.2)
    rspec (2.13.0)
      rspec-core (~> 2.13.0)
      rspec-expectations (~> 2.13.0)
      rspec-mocks (~> 2.13.0)
    rspec-core (2.13.1)
    rspec-expectations (2.13.0)
      diff-lcs (>= 1.1.3, < 2.0)
    rspec-mocks (2.13.1)
    yard (0.8.6.1)

PLATFORMS
  ruby

DEPENDENCIES
  bundler (~> 1.2)
  deep_merge (~> 1.0)
  grit (~> 2.5)
  i18n (~> 0.6)
  jeweler (~> 1.8)
  log4r (~> 1.1)
  multi_json (~> 1.7)
  puppet (~> 3.2)
  rdoc (~> 3.12)
  rspec (~> 2.10)
  yard (~> 0.8)
