GEM
  remote: http://rubygems.org/
  specs:
    addressable (2.3.5)
    builder (3.2.2)
    deep_merge (1.0.1)
    descendants_tracker (0.0.3)
    diff-lcs (1.2.5)
    excon (0.31.0)
    facter (1.7.5)
    faraday (0.9.0)
      multipart-post (>= 1.2, < 3)
    fog (1.20.0)
      builder
      excon (~> 0.31.0)
      formatador (~> 0.2.0)
      mime-types
      multi_json (~> 1.0)
      net-scp (~> 1.1)
      net-ssh (>= 2.1.3)
      nokogiri (>= 1.5.11)
    formatador (0.2.4)
    git (1.2.6)
    github_api (0.11.2)
      addressable (~> 2.3)
      descendants_tracker (~> 0.0.1)
      faraday (~> 0.8, < 0.10)
      hashie (>= 1.2)
      multi_json (>= 1.7.5, < 2.0)
      nokogiri (~> 1.6.0)
      oauth2
    grit (2.5.0)
      diff-lcs (~> 1.1)
      mime-types (~> 1.15)
      posix-spawn (~> 0.3.6)
    hashie (2.0.5)
    hiera (1.3.1)
      json_pure
    highline (1.6.20)
    i18n (0.6.9)
    jeweler (2.0.1)
      builder
      bundler (>= 1.0)
      git (>= 1.2.5)
      github_api
      highline (>= 1.6.15)
      nokogiri (>= 1.5.10)
      rake
      rdoc
    json (1.8.1)
    json_pure (1.8.1)
    jwt (0.1.11)
      multi_json (>= 1.5)
    log4r (1.1.10)
    mime-types (1.25.1)
    mini_portile (0.5.2)
    multi_json (1.8.4)
    multi_xml (0.5.5)
    multipart-post (2.0.0)
    net-scp (1.1.2)
      net-ssh (>= 2.6.5)
    net-ssh (2.8.0)
    netrc (0.7.7)
    nokogiri (1.6.1)
      mini_portile (~> 0.5.0)
    oauth2 (0.9.3)
      faraday (>= 0.8, < 0.10)
      jwt (~> 0.1.8)
      multi_json (~> 1.3)
      multi_xml (~> 0.5)
      rack (~> 1.2)
    octokit (2.7.1)
      sawyer (~> 0.5.2)
    posix-spawn (0.3.8)
    puppet (3.4.2)
      facter (~> 1.6)
      hiera (~> 1.0)
      rgen (~> 0.6.5)
    rack (1.5.2)
    rake (10.1.1)
    rdoc (3.12.2)
      json (~> 1.4)
    rgen (0.6.6)
    rspec (2.14.1)
      rspec-core (~> 2.14.0)
      rspec-expectations (~> 2.14.0)
      rspec-mocks (~> 2.14.0)
    rspec-core (2.14.7)
    rspec-expectations (2.14.5)
      diff-lcs (>= 1.1.3, < 2.0)
    rspec-mocks (2.14.5)
    sawyer (0.5.3)
      addressable (~> 2.3.5)
      faraday (~> 0.8, < 0.10)
    sshkey (1.6.1)
    yard (0.8.7.3)

PLATFORMS
  ruby

DEPENDENCIES
  bundler (~> 1.2)
  deep_merge (~> 1.0)
  facter (~> 1.7)
  fog (~> 1.20)
  grit (~> 2.5)
  hiera (~> 1.3)
  i18n (~> 0.6)
  jeweler (~> 2.0)
  log4r (~> 1.1)
  multi_json (~> 1.7)
  netrc (~> 0.7)
  octokit (~> 2.7)
  puppet (~> 3.2)
  rdoc (~> 3.12)
  rgen (~> 0.6)
  rspec (~> 2.10)
  sshkey (~> 1.6)
  yard (~> 0.8)
