GEM
  remote: http://rubygems.org/
  specs:
    diff-lcs (1.2.1)
    git (1.2.5)
    jeweler (1.8.4)
      bundler (~> 1.0)
      git (>= 1.2.5)
      rake
      rdoc
    json (1.7.7)
    log4r (1.1.10)
    rake (10.0.3)
    rdoc (3.12.2)
      json (~> 1.4)
    rspec (2.13.0)
      rspec-core (~> 2.13.0)
      rspec-expectations (~> 2.13.0)
      rspec-mocks (~> 2.13.0)
    rspec-core (2.13.1)
    rspec-expectations (2.13.0)
      diff-lcs (>= 1.1.3, < 2.0)
    rspec-mocks (2.13.0)
    yard (0.8.5.2)

PLATFORMS
  ruby

DEPENDENCIES
  bundler (~> 1.2)
  git (= 1.2.5)
  jeweler (~> 1.8)
  json (>= 1.4)
  log4r (~> 1.1)
  rdoc (~> 3.12)
  rspec (~> 2.10)
  yard (~> 0.8)
