GEM
  remote: http://rubygems.org/
  specs:
    deep_merge (1.0.0)
    diff-lcs (1.2.4)
    git (1.2.5)
    grit (2.5.0)
      diff-lcs (~> 1.1)
      mime-types (~> 1.15)
      posix-spawn (~> 0.3.6)
    jeweler (1.8.4)
      bundler (~> 1.0)
      git (>= 1.2.5)
      rake
      rdoc
    json (1.8.0)
    log4r (1.1.10)
    mime-types (1.24)
    posix-spawn (0.3.6)
    rake (10.0.4)
    rdoc (3.12.2)
      json (~> 1.4)
    rspec (2.13.0)
      rspec-core (~> 2.13.0)
      rspec-expectations (~> 2.13.0)
      rspec-mocks (~> 2.13.0)
    rspec-core (2.13.1)
    rspec-expectations (2.13.0)
      diff-lcs (>= 1.1.3, < 2.0)
    rspec-mocks (2.13.1)
    yard (0.8.6.1)

PLATFORMS
  ruby

DEPENDENCIES
  bundler (~> 1.2)
  deep_merge (~> 1.0)
  grit (~> 2.5)
  jeweler (~> 1.8)
  json (>= 1.4)
  log4r (~> 1.1)
  rdoc (~> 3.12)
  rspec (~> 2.10)
  yard (~> 0.8)
